GEM
  remote: https://rubygems.org/
  specs:
    chronic (0.10.2)
    terminal-notifier (1.6.3)
    whenever (0.9.4)
      chronic (>= 0.6.3)

PLATFORMS
  ruby

DEPENDENCIES
  chronic
  terminal-notifier
  whenever
